PATH
  remote: .
  specs:
    character-roller (0.1.2)
      thor
      true-random

GEM
  remote: https://rubygems.org/
  specs:
    coderay (1.1.0)
    json (1.8.1)
    method_source (0.8.2)
    pry (0.9.12.4)
      coderay (~> 1.0)
      method_source (~> 0.8)
      slop (~> 3.4)
    rake (10.1.0)
    slop (3.4.7)
    thor (0.19.1)
    true-random (1.1.2)
    watson-ruby (1.6.3)
      json

PLATFORMS
  ruby

DEPENDENCIES
  character-roller!
  pry
  rake
  watson-ruby
