PATH
  remote: .
  specs:
    character-roller (0.1.0)
      thor

GEM
  remote: https://rubygems.org/
  specs:
    coderay (1.1.0)
    method_source (0.8.2)
    pry (0.9.12.4)
      coderay (~> 1.0)
      method_source (~> 0.8)
      slop (~> 3.4)
    rake (10.1.0)
    slop (3.4.7)
    thor (0.18.1)
    watson (0.0.2)
      yajl-ruby
    yajl-ruby (1.2.0)

PLATFORMS
  ruby

DEPENDENCIES
  character-roller!
  pry
  rake
  watson
